GIT
  remote: https://github.com/Korri/rubocop
  revision: a3c09b5c1d89cd33d80ac8443a339df1cae1a4bb
  branch: ignore-last-element
  specs:
    rubocop (1.30.0)
      parallel (~> 1.10)
      parser (>= 3.1.0.0)
      rainbow (>= 2.2.2, < 4.0)
      regexp_parser (>= 1.8, < 3.0)
      rexml (>= 3.2.5, < 4.0)
      rubocop-ast (>= 1.18.0, < 2.0)
      ruby-progressbar (~> 1.7)
      unicode-display_width (>= 1.4.0, < 3.0)

GEM
  remote: https://rubygems.org/
  specs:
    ast (2.4.2)
    coderay (1.1.3)
    method_source (1.0.0)
    parallel (1.22.1)
    parser (3.1.2.0)
      ast (~> 2.4.1)
    pry (0.13.1)
      coderay (~> 1.1)
      method_source (~> 1.0)
    rainbow (3.1.1)
    regexp_parser (2.5.0)
    rexml (3.2.5)
    rubocop-ast (1.18.0)
      parser (>= 3.1.1.0)
    rubocop-shopify (2.7.0)
      rubocop (~> 1.30)
    ruby-progressbar (1.11.0)
    unicode-display_width (2.1.0)

PLATFORMS
  universal-darwin-21

DEPENDENCIES
  pry (~> 0.13.1)
  rubocop!
  rubocop-shopify

BUNDLED WITH
   2.3.4
